PATH
  remote: .
  specs:
    cartodb-common (0.3.6)
      activesupport (~> 4.2.11.3)
      argon2 (~> 2.0)

GEM
  remote: https://rubygems.org/
  specs:
    activesupport (4.2.11.3)
      i18n (~> 0.7)
      minitest (~> 5.1)
      thread_safe (~> 0.3, >= 0.3.4)
      tzinfo (~> 1.1)
    argon2 (2.0.2)
      ffi (~> 1.9)
      ffi-compiler (>= 0.1)
    ast (2.4.1)
    concurrent-ruby (1.1.6)
    diff-lcs (1.3)
    ffi (1.13.1)
    ffi-compiler (1.0.1)
      ffi (>= 1.0.0)
      rake
    i18n (0.9.5)
      concurrent-ruby (~> 1.0)
    minitest (5.14.1)
    parallel (1.19.2)
    parser (2.7.1.5)
      ast (~> 2.4.1)
    rack (2.2.3)
    rainbow (3.0.0)
    rake (13.0.1)
    regexp_parser (1.8.0)
    rexml (3.2.4)
    rspec (3.8.0)
      rspec-core (~> 3.8.0)
      rspec-expectations (~> 3.8.0)
      rspec-mocks (~> 3.8.0)
    rspec-core (3.8.0)
      rspec-support (~> 3.8.0)
    rspec-expectations (3.8.3)
      diff-lcs (>= 1.2.0, < 2.0)
      rspec-support (~> 3.8.0)
    rspec-mocks (3.8.0)
      diff-lcs (>= 1.2.0, < 2.0)
      rspec-support (~> 3.8.0)
    rspec-support (3.8.0)
    rubocop (0.92.0)
      parallel (~> 1.10)
      parser (>= 2.7.1.5)
      rainbow (>= 2.2.2, < 4.0)
      regexp_parser (>= 1.7)
      rexml
      rubocop-ast (>= 0.5.0)
      ruby-progressbar (~> 1.7)
      unicode-display_width (>= 1.4.0, < 2.0)
    rubocop-ast (0.5.0)
      parser (>= 2.7.1.5)
    rubocop-performance (1.8.1)
      rubocop (>= 0.87.0)
      rubocop-ast (>= 0.4.0)
    rubocop-rails (2.8.1)
      activesupport (>= 4.2.0)
      rack (>= 1.1)
      rubocop (>= 0.87.0)
    rubocop-rspec (1.43.2)
      rubocop (~> 0.87)
    ruby-progressbar (1.10.1)
    thread_safe (0.3.6)
    tzinfo (1.2.7)
      thread_safe (~> 0.1)
    unicode-display_width (1.7.0)

PLATFORMS
  ruby

DEPENDENCIES
  bundler (~> 2.0)
  cartodb-common!
  rake (~> 13.0)
  rspec (~> 3.0)
  rubocop (~> 0.92)
  rubocop-performance
  rubocop-rails
  rubocop-rspec

BUNDLED WITH
   2.1.4
